GEM
  remote: http://rubygems.org/
  specs:
    haml (4.0.3)
      tilt
    log4r (1.1.10)
    rack (1.5.2)
    rack-protection (1.5.0)
      rack
    sequel (3.45.0)
    sinatra (1.3.6)
      rack (~> 1.4)
      rack-protection (~> 1.3)
      tilt (~> 1.3, >= 1.3.3)
    sqlite3 (1.3.7)
    tilt (1.4.1)

PLATFORMS
  ruby

DEPENDENCIES
  haml
  log4r
  sequel (~> 3.45.0)
  sinatra (~> 1.3.2)
  sqlite3
